GEM
  remote: http://rubygems.org/
  specs:
    addressable (2.2.7)
    childprocess (0.3.1)
      ffi (~> 1.0.6)
    ffi (1.0.9)
    kuali-sakai-common-lib (0.0.1)
    libwebsocket (0.1.3)
      addressable
    multi_json (1.2.0)
    page-object (0.6.6)
      selenium-webdriver (>= 2.21.2)
      watir-webdriver (>= 0.5.5)
    rake (0.9.2)
    rubyzip (0.9.7)
    selenium-webdriver (2.21.2)
      childprocess (>= 0.2.5)
      ffi (~> 1.0)
      libwebsocket (~> 0.1.3)
      multi_json (~> 1.0)
      rubyzip
    watir-webdriver (0.5.5)
      selenium-webdriver (>= 2.18.0)

PLATFORMS
  ruby

DEPENDENCIES
  kuali-sakai-common-lib
  page-object
  rake
  selenium-webdriver
  watir-webdriver
